GEM
  remote: http://rubygems.org/
  specs:
    abstract (1.0.0)
    actionmailer (3.0.1)
      actionpack (= 3.0.1)
      mail (~> 2.2.5)
    actionpack (3.0.1)
      activemodel (= 3.0.1)
      activesupport (= 3.0.1)
      builder (~> 2.1.2)
      erubis (~> 2.6.6)
      i18n (~> 0.4.1)
      rack (~> 1.2.1)
      rack-mount (~> 0.6.12)
      rack-test (~> 0.5.4)
      tzinfo (~> 0.3.23)
    activemodel (3.0.1)
      activesupport (= 3.0.1)
      builder (~> 2.1.2)
      i18n (~> 0.4.1)
    activerecord (3.0.1)
      activemodel (= 3.0.1)
      activesupport (= 3.0.1)
      arel (~> 1.0.0)
      tzinfo (~> 0.3.23)
    activeresource (3.0.1)
      activemodel (= 3.0.1)
      activesupport (= 3.0.1)
    activesupport (3.0.1)
    arel (1.0.1)
      activesupport (~> 3.0.0)
    builder (2.1.2)
    capybara (0.4.0)
      celerity (>= 0.7.9)
      culerity (>= 0.2.4)
      mime-types (>= 1.16)
      nokogiri (>= 1.3.3)
      rack (>= 1.0.0)
      rack-test (>= 0.5.4)
      selenium-webdriver (>= 0.0.27)
      xpath (~> 0.1.2)
    celerity (0.8.2)
    childprocess (0.1.4)
      ffi (~> 0.6.3)
    columnize (0.3.2)
    culerity (0.2.12)
    diff-lcs (1.1.2)
    erubis (2.6.6)
      abstract (>= 1.0.0)
    ffi (0.6.3)
      rake (>= 0.8.7)
    i18n (0.4.2)
    json_pure (1.4.6)
    linecache (0.43)
    mail (2.2.9)
      activesupport (>= 2.3.6)
      i18n (~> 0.4.1)
      mime-types (~> 1.16)
      treetop (~> 1.4.8)
    mime-types (1.16)
    nokogiri (1.4.3.1)
    polyglot (0.3.1)
    rack (1.2.1)
    rack-mount (0.6.13)
      rack (>= 1.0.0)
    rack-test (0.5.6)
      rack (>= 1.0)
    rails (3.0.1)
      actionmailer (= 3.0.1)
      actionpack (= 3.0.1)
      activerecord (= 3.0.1)
      activeresource (= 3.0.1)
      activesupport (= 3.0.1)
      bundler (~> 1.0.0)
      railties (= 3.0.1)
    railties (3.0.1)
      actionpack (= 3.0.1)
      activesupport (= 3.0.1)
      rake (>= 0.8.4)
      thor (~> 0.14.0)
    rake (0.8.7)
    rspec (2.1.0)
      rspec-core (~> 2.1.0)
      rspec-expectations (~> 2.1.0)
      rspec-mocks (~> 2.1.0)
    rspec-core (2.1.0)
    rspec-expectations (2.1.0)
      diff-lcs (~> 1.1.2)
    rspec-mocks (2.1.0)
    rspec-rails (2.1.0)
      rspec (~> 2.1.0)
    ruby-debug (0.10.4)
      columnize (>= 0.1)
      ruby-debug-base (~> 0.10.4.0)
    ruby-debug-base (0.10.4)
      linecache (>= 0.3)
    rubyzip (0.9.4)
    selenium-webdriver (0.1.0)
      childprocess (= 0.1.4)
      ffi (~> 0.6.3)
      json_pure
      rubyzip
    sqlite3-ruby (1.3.2)
    thor (0.14.4)
    treetop (1.4.8)
      polyglot (>= 0.3.1)
    tzinfo (0.3.23)
    xpath (0.1.2)
      nokogiri (~> 1.3)

PLATFORMS
  ruby

DEPENDENCIES
  capybara (>= 0.3.9)
  rails (~> 3)
  rspec-rails (>= 2.0.0.beta)
  ruby-debug (>= 0.10.3)
  sqlite3-ruby
